GEM
  remote: https://rubygems.org/
  specs:
    Ascii85 (1.0.2)
    afm (0.2.2)
    cmdparse (3.0.3)
    coderay (1.1.1)
    colorize (0.8.1)
    hashery (2.1.2)
    hexapdf (0.7.0)
      cmdparse (~> 3.0, >= 3.0.3)
    json (1.8.6)
    method_source (0.8.2)
    mime-types (1.25.1)
    pdf-reader (1.4.1)
      Ascii85 (~> 1.0.0)
      afm (~> 0.2.1)
      hashery (~> 2.0)
      ruby-rc4
      ttfunk
    pry (0.10.4)
      coderay (~> 1.1.0)
      method_source (~> 0.8.1)
      slop (~> 3.4)
    ruby-rc4 (0.1.5)
    slop (3.6.0)
    ttfunk (1.5.1)
    yomu (0.2.4)
      json (~> 1.8)
      mime-types (~> 1.23)

PLATFORMS
  ruby

DEPENDENCIES
  colorize (~> 0.8.1)
  hexapdf (~> 0.7.0)
  pdf-reader (~> 1.4)
  pry (~> 0.10.3)
  yomu

RUBY VERSION
   ruby 2.4.1p111

BUNDLED WITH
   1.16.1
